GEM
  remote: https://rubygems.org/
  specs:
    activesupport (6.0.3.1)
      concurrent-ruby (~> 1.0, >= 1.0.2)
      i18n (>= 0.7, < 2)
      minitest (~> 5.1)
      tzinfo (~> 1.1)
      zeitwerk (~> 2.2, >= 2.2.2)
    chrono (0.4.0)
      activesupport
    concurrent-ruby (1.1.6)
    dotenv (2.7.5)
    event_emitter (0.2.6)
    eventmachine (1.2.7)
    faraday (0.17.1)
      multipart-post (>= 1.2, < 3)
    faraday_middleware (0.10.1)
      faraday (>= 0.7.4, < 1.0)
    faye-websocket (0.10.9)
      eventmachine (>= 0.12.0)
      websocket-driver (>= 0.5.1)
    i18n (1.8.2)
      concurrent-ruby (~> 1.0)
    mem (0.1.5)
    mini_portile2 (2.5.0)
    minitest (5.14.1)
    multi_json (1.14.1)
    multipart-post (2.1.1)
    nokogiri (1.11.0)
      mini_portile2 (~> 2.5.0)
      racc (~> 1.4)
    racc (1.5.2)
    rake (13.0.1)
    redis (4.1.3)
    redis-namespace (1.7.0)
      redis (>= 3.0.4)
    ruboty (1.3.0)
      activesupport
      bundler
      dotenv
      mem
      slop
    ruboty-cron (1.1.0)
      activesupport
      chrono
      ruboty (>= 0.2.0)
    ruboty-echo (0.1.1)
      ruboty
    ruboty-redis (0.0.6)
      redis
      redis-namespace
      ruboty
    ruboty-slack_rtm (3.2.1)
      faraday (~> 0.11)
      ruboty (>= 1.1.4)
      slack-api (~> 1.6)
      websocket-client-simple (~> 0.3.0)
    slack-api (1.6.1)
      faraday (~> 0.11)
      faraday_middleware (~> 0.10.0)
      faye-websocket (~> 0.10.6)
      multi_json (~> 1.0, >= 1.0.3)
    slop (4.7.0)
    thread_safe (0.3.6)
    tzinfo (1.2.7)
      thread_safe (~> 0.1)
    websocket (1.2.8)
    websocket-client-simple (0.3.0)
      event_emitter
      websocket
    websocket-driver (0.7.1)
      websocket-extensions (>= 0.1.0)
    websocket-extensions (0.1.5)
    zeitwerk (2.3.0)

PLATFORMS
  ruby

DEPENDENCIES
  nokogiri (>= 1.8.1)
  rake
  ruboty-cron
  ruboty-echo
  ruboty-redis
  ruboty-slack_rtm

RUBY VERSION
   ruby 2.6.3p62

BUNDLED WITH
   1.17.3
